GEM
  remote: http://rubygems.org/
  specs:
    addressable (2.2.8)
    ansi (1.4.2)
    crack (0.3.1)
    httparty (0.8.3)
      multi_json (~> 1.0)
      multi_xml
    multi_json (1.3.6)
    multi_xml (0.5.1)
    rake (0.9.2.2)
    turn (0.9.5)
      ansi
    vcr (2.2.0)
    webmock (1.8.7)
      addressable (>= 2.2.7)
      crack (>= 0.1.7)

PLATFORMS
  ruby

DEPENDENCIES
  httparty
  rake
  turn
  vcr
  webmock
